STORAGE: NONE
NUGET
  remote: https://api.nuget.org/v3/index.json
    BlackFox.VsWhere (1.1) - restriction: >= netstandard2.0
      FSharp.Core (>= 4.0.0.1) - restriction: >= net45
      FSharp.Core (>= 4.2.3) - restriction: && (< net45) (>= netstandard2.0)
      Microsoft.Win32.Registry (>= 4.7) - restriction: && (< net45) (>= netstandard2.0)
    Dotnet.ProjInfo (0.44)
      FSharp.Core (>= 4.6.2) - restriction: || (>= net461) (>= netstandard2.0)
      Microsoft.NETFramework.ReferenceAssemblies (>= 1.0) - restriction: || (>= net461) (>= netstandard2.0)
      System.ValueTuple (>= 4.4) - restriction: || (>= net461) (>= netstandard2.0)
    Dotnet.ProjInfo.Workspace (0.44)
      Dotnet.ProjInfo (>= 0.44) - restriction: || (>= net461) (>= netstandard2.0)
      FSharp.Core (>= 4.6.2) - restriction: || (>= net461) (>= netstandard2.0)
      Microsoft.NETFramework.ReferenceAssemblies (>= 1.0) - restriction: || (>= net461) (>= netstandard2.0)
      Sln (>= 0.3) - restriction: || (>= net461) (>= netstandard2.0)
    Expecto (10.1)
      FSharp.Core (>= 7.0.200) - restriction: >= net6.0
      Mono.Cecil (>= 0.11.4 < 1.0) - restriction: >= net6.0
    Fake.Core.Context (6.0) - restriction: >= netstandard2.0
      FSharp.Core (>= 6.0.3) - restriction: >= netstandard2.0
    Fake.Core.Environment (6.0) - restriction: || (>= net462) (>= netstandard2.0)
      FSharp.Core (>= 6.0.3) - restriction: >= netstandard2.0
    Fake.Core.FakeVar (6.0) - restriction: >= netstandard2.0
      Fake.Core.Context (>= 6.0) - restriction: >= netstandard2.0
      FSharp.Core (>= 6.0.3) - restriction: >= netstandard2.0
    Fake.Core.Process (6.0) - restriction: || (>= net462) (>= netstandard2.0)
      Fake.Core.Environment (>= 6.0) - restriction: >= netstandard2.0
      Fake.Core.FakeVar (>= 6.0) - restriction: >= netstandard2.0
      Fake.Core.String (>= 6.0) - restriction: >= netstandard2.0
      Fake.Core.Trace (>= 6.0) - restriction: >= netstandard2.0
      Fake.IO.FileSystem (>= 6.0) - restriction: >= netstandard2.0
      FSharp.Core (>= 6.0.3) - restriction: >= netstandard2.0
      System.Collections.Immutable (>= 6.0) - restriction: >= netstandard2.0
    Fake.Core.SemVer (6.0) - restriction: >= netstandard2.0
      FSharp.Core (>= 6.0.3) - restriction: >= netstandard2.0
    Fake.Core.String (6.0) - restriction: || (>= net462) (>= netstandard2.0)
      FSharp.Core (>= 6.0.3) - restriction: >= netstandard2.0
    Fake.Core.Tasks (6.0) - restriction: >= netstandard2.0
      Fake.Core.Trace (>= 6.0) - restriction: >= netstandard2.0
      FSharp.Core (>= 6.0.3) - restriction: >= netstandard2.0
    Fake.Core.Trace (6.0) - restriction: || (>= net462) (>= netstandard2.0)
      Fake.Core.Environment (>= 6.0) - restriction: >= netstandard2.0
      Fake.Core.FakeVar (>= 6.0) - restriction: >= netstandard2.0
      FSharp.Core (>= 6.0.3) - restriction: >= netstandard2.0
    Fake.Core.Xml (6.0) - restriction: >= netstandard2.0
      Fake.Core.String (>= 6.0) - restriction: >= netstandard2.0
      FSharp.Core (>= 6.0.3) - restriction: >= netstandard2.0
    Fake.DotNet.Cli (5.13.7)
      Fake.Core.Environment (>= 5.13.7) - restriction: || (>= net462) (>= netstandard2.0)
      Fake.Core.Process (>= 5.13.7) - restriction: || (>= net462) (>= netstandard2.0)
      Fake.Core.String (>= 5.13.7) - restriction: || (>= net462) (>= netstandard2.0)
      Fake.Core.Trace (>= 5.13.7) - restriction: || (>= net462) (>= netstandard2.0)
      Fake.DotNet.MSBuild (>= 5.13.7) - restriction: || (>= net462) (>= netstandard2.0)
      Fake.DotNet.NuGet (>= 5.13.7) - restriction: || (>= net462) (>= netstandard2.0)
      Fake.IO.FileSystem (>= 5.13.7) - restriction: || (>= net462) (>= netstandard2.0)
      FSharp.Core (>= 4.3.4) - restriction: || (>= net462) (>= netstandard2.0)
      Newtonsoft.Json (>= 12.0.2) - restriction: || (>= net462) (>= netstandard2.0)
    Fake.DotNet.MSBuild (6.0) - restriction: || (>= net462) (>= netstandard2.0)
      BlackFox.VsWhere (>= 1.1) - restriction: >= netstandard2.0
      Fake.Core.Environment (>= 6.0) - restriction: >= netstandard2.0
      Fake.Core.Process (>= 6.0) - restriction: >= netstandard2.0
      Fake.Core.String (>= 6.0) - restriction: >= netstandard2.0
      Fake.Core.Trace (>= 6.0) - restriction: >= netstandard2.0
      Fake.IO.FileSystem (>= 6.0) - restriction: >= netstandard2.0
      FSharp.Core (>= 6.0.3) - restriction: >= netstandard2.0
      MSBuild.StructuredLogger (>= 2.1.545) - restriction: >= netstandard2.0
    Fake.DotNet.NuGet (6.0) - restriction: || (>= net462) (>= netstandard2.0)
      Fake.Core.Environment (>= 6.0) - restriction: >= netstandard2.0
      Fake.Core.Process (>= 6.0) - restriction: >= netstandard2.0
      Fake.Core.SemVer (>= 6.0) - restriction: >= netstandard2.0
      Fake.Core.String (>= 6.0) - restriction: >= netstandard2.0
      Fake.Core.Tasks (>= 6.0) - restriction: >= netstandard2.0
      Fake.Core.Trace (>= 6.0) - restriction: >= netstandard2.0
      Fake.Core.Xml (>= 6.0) - restriction: >= netstandard2.0
      Fake.IO.FileSystem (>= 6.0) - restriction: >= netstandard2.0
      Fake.Net.Http (>= 6.0) - restriction: >= netstandard2.0
      FSharp.Core (>= 6.0.3) - restriction: >= netstandard2.0
      Newtonsoft.Json (>= 13.0.1) - restriction: >= netstandard2.0
      NuGet.Protocol (>= 6.0) - restriction: >= netstandard2.0
    Fake.IO.FileSystem (6.0) - restriction: || (>= net462) (>= netstandard2.0)
      Fake.Core.String (>= 6.0) - restriction: >= netstandard2.0
      Fake.Core.Trace (>= 6.0) - restriction: >= netstandard2.0
      FSharp.Core (>= 6.0.3) - restriction: >= netstandard2.0
    Fake.Net.Http (6.0) - restriction: >= netstandard2.0
      Fake.Core.Trace (>= 6.0) - restriction: >= netstandard2.0
      FSharp.Core (>= 6.0.3) - restriction: >= netstandard2.0
    FSharp.Compiler.Service (43.8.101)
      FSharp.Core (8.0.101) - restriction: >= netstandard2.0
      System.Buffers (>= 4.5.1) - restriction: >= netstandard2.0
      System.Collections.Immutable (>= 7.0) - restriction: >= netstandard2.0
      System.Diagnostics.DiagnosticSource (>= 7.0.2) - restriction: >= netstandard2.0
      System.Memory (>= 4.5.5) - restriction: >= netstandard2.0
      System.Reflection.Emit (>= 4.7) - restriction: >= netstandard2.0
      System.Reflection.Metadata (>= 7.0) - restriction: >= netstandard2.0
      System.Runtime.CompilerServices.Unsafe (>= 6.0) - restriction: >= netstandard2.0
    FSharp.Core (8.0.101) - restriction: || (>= net461) (>= netstandard2.0)
    Microsoft.Bcl.AsyncInterfaces (8.0) - restriction: || (&& (>= net462) (>= netstandard2.0)) (>= net472) (&& (< net5.0) (>= netstandard2.0))
      System.Threading.Tasks.Extensions (>= 4.5.4) - restriction: || (>= net462) (&& (>= netstandard2.0) (< netstandard2.1))
    Microsoft.Build.Framework (17.8.3) - restriction: >= netstandard2.0
      Microsoft.VisualStudio.Setup.Configuration.Interop (>= 3.2.2146) - restriction: >= net472
      Microsoft.Win32.Registry (>= 5.0) - restriction: && (< net472) (< net8.0) (>= netstandard2.0)
      System.Memory (>= 4.5.5) - restriction: && (< net472) (< net8.0) (>= netstandard2.0)
      System.Runtime.CompilerServices.Unsafe (>= 6.0) - restriction: || (>= net472) (&& (< net8.0) (>= netstandard2.0))
      System.Security.Principal.Windows (>= 5.0) - restriction: && (< net472) (< net8.0) (>= netstandard2.0)
    Microsoft.Build.Utilities.Core (17.8.3) - restriction: >= netstandard2.0
      Microsoft.Build.Framework (>= 17.8.3) - restriction: >= netstandard2.0
      Microsoft.IO.Redist (>= 6.0) - restriction: >= net472
      Microsoft.NET.StringTools (>= 17.8.3) - restriction: >= netstandard2.0
      Microsoft.VisualStudio.Setup.Configuration.Interop (>= 3.2.2146) - restriction: || (>= net472) (>= net8.0)
      Microsoft.Win32.Registry (>= 5.0) - restriction: && (< net472) (< net8.0) (>= netstandard2.0)
      System.Collections.Immutable (>= 7.0) - restriction: >= netstandard2.0
      System.Configuration.ConfigurationManager (>= 7.0) - restriction: >= netstandard2.0
      System.Memory (>= 4.5.5) - restriction: || (>= net472) (&& (< net8.0) (>= netstandard2.0))
      System.Runtime.CompilerServices.Unsafe (>= 6.0) - restriction: || (>= net472) (&& (< net8.0) (>= netstandard2.0))
      System.Security.Principal.Windows (>= 5.0) - restriction: || (>= net472) (&& (< net8.0) (>= netstandard2.0))
      System.Text.Encoding.CodePages (>= 7.0) - restriction: && (< net472) (< net8.0) (>= netstandard2.0)
    Microsoft.IO.Redist (6.0) - restriction: >= net472
      System.Buffers (>= 4.5.1) - restriction: >= net472
      System.Memory (>= 4.5.4) - restriction: >= net472
    Microsoft.NET.StringTools (17.8.3) - restriction: >= netstandard2.0
      System.Memory (>= 4.5.5) - restriction: || (>= net472) (&& (< net8.0) (>= netstandard2.0))
      System.Runtime.CompilerServices.Unsafe (>= 6.0) - restriction: || (>= net472) (&& (< net8.0) (>= netstandard2.0))
    Microsoft.NETCore.Platforms (7.0.4) - restriction: || (&& (< monoandroid) (>= net5.0) (< netcoreapp2.1) (< netstandard2.1) (< xamarintvos) (< xamarinwatchos)) (&& (>= netcoreapp2.0) (< netcoreapp2.1)) (&& (>= netcoreapp2.1) (< netcoreapp3.0))
    Microsoft.NETFramework.ReferenceAssemblies (1.0.3) - restriction: || (>= net461) (>= netstandard2.0)
      Microsoft.NETFramework.ReferenceAssemblies.net461 (>= 1.0.3) - restriction: && (>= net461) (< net462)
      Microsoft.NETFramework.ReferenceAssemblies.net462 (>= 1.0.3) - restriction: && (>= net462) (< net47)
      Microsoft.NETFramework.ReferenceAssemblies.net47 (>= 1.0.3) - restriction: && (>= net47) (< net471)
      Microsoft.NETFramework.ReferenceAssemblies.net471 (>= 1.0.3) - restriction: && (>= net471) (< net472)
      Microsoft.NETFramework.ReferenceAssemblies.net472 (>= 1.0.3) - restriction: && (>= net472) (< net48)
      Microsoft.NETFramework.ReferenceAssemblies.net48 (>= 1.0.3) - restriction: && (>= net48) (< net481)
      Microsoft.NETFramework.ReferenceAssemblies.net481 (>= 1.0.3) - restriction: >= net481
    Microsoft.NETFramework.ReferenceAssemblies.net461 (1.0.3) - restriction: && (>= net461) (< net462)
    Microsoft.NETFramework.ReferenceAssemblies.net462 (1.0.3) - restriction: && (>= net462) (< net47)
    Microsoft.NETFramework.ReferenceAssemblies.net47 (1.0.3) - restriction: && (>= net47) (< net471)
    Microsoft.NETFramework.ReferenceAssemblies.net471 (1.0.3) - restriction: && (>= net471) (< net472)
    Microsoft.NETFramework.ReferenceAssemblies.net472 (1.0.3) - restriction: && (>= net472) (< net48)
    Microsoft.NETFramework.ReferenceAssemblies.net48 (1.0.3) - restriction: && (>= net48) (< net481)
    Microsoft.NETFramework.ReferenceAssemblies.net481 (1.0.3) - restriction: >= net481
    Microsoft.VisualStudio.Setup.Configuration.Interop (3.8.2112) - restriction: || (>= net472) (>= net8.0)
    Microsoft.Win32.Registry (5.0) - restriction: || (&& (< net45) (>= netstandard2.0)) (&& (< net472) (< net8.0) (>= netstandard2.0))
      System.Buffers (>= 4.5.1) - restriction: || (&& (>= monoandroid) (< netstandard1.3)) (>= monotouch) (&& (< net46) (< netcoreapp2.0) (>= netstandard2.0)) (>= xamarinios) (>= xamarinmac) (>= xamarintvos) (>= xamarinwatchos)
      System.Memory (>= 4.5.4) - restriction: || (&& (< monoandroid) (>= netcoreapp2.0) (< netcoreapp2.1) (< xamarinios) (< xamarinmac) (< xamarintvos) (< xamarinwatchos)) (&& (< net46) (< netcoreapp2.0) (>= netstandard2.0) (< xamarinios) (< xamarinmac) (< xamarintvos) (< xamarinwatchos)) (>= uap10.1)
      System.Security.AccessControl (>= 5.0) - restriction: || (&& (>= monoandroid) (< netstandard1.3)) (&& (< monoandroid) (>= netcoreapp2.0)) (>= monotouch) (&& (< net46) (< netcoreapp2.0) (>= netstandard2.0)) (>= net461) (>= netcoreapp2.1) (>= uap10.1) (>= xamarinios) (>= xamarinmac) (>= xamarintvos) (>= xamarinwatchos)
      System.Security.Principal.Windows (>= 5.0) - restriction: || (&& (>= monoandroid) (< netstandard1.3)) (&& (< monoandroid) (>= netcoreapp2.0)) (>= monotouch) (&& (< net46) (< netcoreapp2.0) (>= netstandard2.0)) (>= net461) (>= netcoreapp2.1) (>= uap10.1) (>= xamarinios) (>= xamarinmac) (>= xamarintvos) (>= xamarinwatchos)
    Mono.Cecil (0.11.5) - restriction: >= net6.0
    MSBuild.StructuredLogger (2.2.169) - restriction: >= netstandard2.0
      Microsoft.Build.Framework (>= 17.5) - restriction: >= netstandard2.0
      Microsoft.Build.Utilities.Core (>= 17.5) - restriction: >= netstandard2.0
    Newtonsoft.Json (13.0.3) - restriction: || (>= net462) (>= netstandard2.0)
    NuGet.Common (6.8) - restriction: >= netstandard2.0
      NuGet.Frameworks (>= 6.8) - restriction: >= netstandard2.0
    NuGet.Configuration (6.8) - restriction: >= netstandard2.0
      NuGet.Common (>= 6.8) - restriction: >= netstandard2.0
      System.Security.Cryptography.ProtectedData (>= 4.4) - restriction: && (< net472) (>= netstandard2.0)
    NuGet.Frameworks (6.8) - restriction: >= netstandard2.0
    NuGet.Packaging (6.8) - restriction: >= netstandard2.0
      Newtonsoft.Json (>= 13.0.3) - restriction: >= netstandard2.0
      NuGet.Configuration (>= 6.8) - restriction: >= netstandard2.0
      NuGet.Versioning (>= 6.8) - restriction: >= netstandard2.0
      System.Security.Cryptography.Pkcs (>= 6.0.4) - restriction: || (&& (< net472) (>= netstandard2.0)) (>= net5.0)
    NuGet.Protocol (6.8) - restriction: >= netstandard2.0
      NuGet.Packaging (>= 6.8) - restriction: >= netstandard2.0
      System.Text.Json (>= 7.0.3) - restriction: || (>= net472) (&& (< net5.0) (>= netstandard2.0))
    NuGet.Versioning (6.8) - restriction: >= netstandard2.0
    Sln (0.3) - restriction: || (>= net461) (>= netstandard2.0)
    Suave (2.6.2)
      FSharp.Core  - restriction: >= netstandard2.1
    System.Buffers (4.5.1) - restriction: || (&& (>= net462) (>= netstandard2.1)) (&& (>= net5.0) (< netstandard2.1)) (&& (< net6.0) (>= netstandard2.1)) (>= netstandard2.0)
    System.Collections.Immutable (8.0) - restriction: >= netstandard2.0
      System.Memory (>= 4.5.5) - restriction: || (>= net462) (&& (< net6.0) (>= netstandard2.0))
      System.Runtime.CompilerServices.Unsafe (>= 6.0) - restriction: || (>= net462) (&& (>= net6.0) (< net7.0)) (&& (< net6.0) (>= netstandard2.0))
    System.Configuration.ConfigurationManager (8.0) - restriction: >= netstandard2.0
      System.Diagnostics.EventLog (>= 8.0) - restriction: >= net7.0
      System.Security.Cryptography.ProtectedData (>= 8.0) - restriction: || (&& (< net462) (>= netstandard2.0)) (>= net6.0)
    System.Diagnostics.DiagnosticSource (8.0) - restriction: >= netstandard2.0
      System.Memory (>= 4.5.5) - restriction: || (>= net462) (&& (< net6.0) (>= netstandard2.0))
      System.Runtime.CompilerServices.Unsafe (>= 6.0) - restriction: || (>= net462) (&& (>= net6.0) (< net7.0)) (&& (< net6.0) (>= netstandard2.0))
    System.Diagnostics.EventLog (8.0) - restriction: >= net7.0
    System.Formats.Asn1 (8.0) - restriction: || (&& (< net462) (>= netstandard2.0)) (&& (>= net5.0) (< xamarintvos) (< xamarinwatchos)) (&& (>= netcoreapp3.0) (< xamarintvos) (< xamarinwatchos)) (>= netstandard2.1)
      System.Buffers (>= 4.5.1) - restriction: || (>= net462) (&& (< net6.0) (>= netstandard2.0))
      System.Memory (>= 4.5.5) - restriction: || (>= net462) (&& (< net6.0) (>= netstandard2.0))
    System.Memory (4.5.5) - restriction: || (&& (< monoandroid) (>= netcoreapp2.0) (< netcoreapp2.1) (< xamarinios) (< xamarinmac) (< xamarintvos) (< xamarinwatchos)) (&& (>= net5.0) (< netstandard2.1)) (>= netstandard2.0)
      System.Buffers (>= 4.5.1) - restriction: || (&& (>= monoandroid) (< netstandard1.1)) (&& (< monoandroid) (< net45) (>= netstandard1.1) (< netstandard2.0) (< win8) (< wpa81)) (&& (< monoandroid) (< netstandard1.1) (>= portable-net45+win8+wpa81) (< win8)) (>= monotouch) (&& (>= net45) (< netstandard2.0)) (&& (< net45) (< netcoreapp2.0) (>= netstandard2.0)) (>= net461) (&& (< netstandard1.1) (>= win8)) (&& (< netstandard2.0) (< uap10.1) (>= wpa81)) (>= xamarinios) (>= xamarinmac) (>= xamarintvos) (>= xamarinwatchos)
      System.Numerics.Vectors (>= 4.4) - restriction: && (< net45) (< netcoreapp2.0) (>= netstandard2.0) (< xamarinios) (< xamarinmac) (< xamarintvos) (< xamarinwatchos)
      System.Numerics.Vectors (>= 4.5) - restriction: >= net461
      System.Runtime.CompilerServices.Unsafe (>= 4.5.3) - restriction: || (&& (>= monoandroid) (< netstandard1.1)) (&& (< monoandroid) (< net45) (>= netstandard1.1) (< netstandard2.0) (< win8) (< wpa81)) (&& (< monoandroid) (>= netcoreapp2.0) (< netcoreapp2.1)) (&& (< monoandroid) (< netstandard1.1) (>= portable-net45+win8+wpa81) (< win8)) (>= monotouch) (&& (>= net45) (< netstandard2.0)) (&& (< net45) (< netcoreapp2.0) (>= netstandard2.0)) (>= net461) (&& (< netstandard1.1) (>= win8)) (&& (< netstandard2.0) (>= wpa81)) (>= uap10.1) (>= xamarinios) (>= xamarinmac) (>= xamarintvos) (>= xamarinwatchos)
    System.Numerics.Vectors (4.5) - restriction: || (&& (< net45) (< netcoreapp2.0) (>= netstandard2.0) (< xamarinios) (< xamarinmac) (< xamarintvos) (< xamarinwatchos)) (&& (>= net461) (>= netstandard2.0))
    System.Reflection.Emit (4.7) - restriction: >= netstandard2.0
      System.Reflection.Emit.ILGeneration (>= 4.7) - restriction: || (&& (< monoandroid) (< monotouch) (< net45) (>= netstandard1.1) (< netstandard2.0) (< win8) (< wpa81) (< xamarintvos) (< xamarinwatchos)) (&& (< monoandroid) (< net45) (< netcoreapp2.0) (>= netstandard2.0) (< netstandard2.1) (< xamarintvos) (< xamarinwatchos)) (&& (< monoandroid) (< netstandard1.1) (>= portable-net45+win8+wpa81) (< win8)) (&& (< netstandard1.1) (>= win8)) (&& (< netstandard2.0) (>= wpa81)) (>= uap10.1)
    System.Reflection.Emit.ILGeneration (4.7) - restriction: || (&& (< monoandroid) (< net45) (< netcoreapp2.0) (>= netstandard2.0) (< netstandard2.1) (< xamarintvos) (< xamarinwatchos)) (&& (< monoandroid) (< netstandard1.1) (>= netstandard2.0) (< win8)) (&& (< netstandard1.1) (>= netstandard2.0) (>= win8)) (&& (>= netstandard2.0) (>= uap10.1))
    System.Reflection.Metadata (8.0) - restriction: >= netstandard2.0
      System.Collections.Immutable (>= 8.0) - restriction: || (>= net462) (>= netstandard2.0)
      System.Memory (>= 4.5.5) - restriction: || (>= net462) (&& (< net6.0) (>= netstandard2.0))
    System.Runtime.CompilerServices.Unsafe (6.0) - restriction: || (&& (< monoandroid) (>= netcoreapp2.0) (< netcoreapp2.1)) (&& (< net5.0) (>= net6.0)) (&& (>= net6.0) (< net7.0)) (>= netstandard2.0)
    System.Security.AccessControl (6.0) - restriction: || (&& (>= monoandroid) (< netstandard1.3) (>= netstandard2.0)) (&& (< monoandroid) (>= netcoreapp2.0)) (&& (>= monotouch) (>= netstandard2.0)) (&& (< net45) (>= net461) (>= netstandard2.0)) (&& (< net45) (< netcoreapp2.0) (>= netstandard2.0)) (>= netcoreapp2.1) (&& (>= netstandard2.0) (>= uap10.1)) (&& (>= netstandard2.0) (>= xamarintvos)) (&& (>= netstandard2.0) (>= xamarinwatchos)) (>= xamarinios) (>= xamarinmac)
      System.Security.Principal.Windows (>= 5.0) - restriction: || (>= net461) (&& (< net6.0) (>= netstandard2.0))
    System.Security.Cryptography.Cng (5.0) - restriction: || (&& (< net462) (>= netstandard2.0) (< netstandard2.1)) (&& (>= net5.0) (< net6.0)) (&& (>= net5.0) (< netstandard2.1)) (&& (< net6.0) (>= netstandard2.1))
      Microsoft.NETCore.Platforms (>= 5.0) - restriction: && (< monoandroid) (>= netcoreapp2.0) (< netcoreapp2.1) (< netstandard2.1) (< xamarintvos) (< xamarinwatchos)
      System.Formats.Asn1 (>= 5.0) - restriction: && (>= netcoreapp3.0) (< xamarinios) (< xamarinmac) (< xamarintvos) (< xamarinwatchos)
    System.Security.Cryptography.Pkcs (8.0) - restriction: || (&& (< net472) (>= netstandard2.0)) (>= net5.0)
      System.Buffers (>= 4.5.1) - restriction: && (< net462) (>= netstandard2.0) (< netstandard2.1)
      System.Formats.Asn1 (>= 8.0) - restriction: || (&& (< net462) (>= netstandard2.0)) (>= netstandard2.1)
      System.Memory (>= 4.5.5) - restriction: && (< net462) (>= netstandard2.0) (< netstandard2.1)
      System.Security.Cryptography.Cng (>= 5.0) - restriction: || (&& (< net462) (>= netstandard2.0) (< netstandard2.1)) (&& (< net6.0) (>= netstandard2.1))
    System.Security.Cryptography.ProtectedData (8.0) - restriction: || (&& (< net462) (>= netstandard2.0)) (&& (< net472) (>= netstandard2.0)) (>= net6.0)
      System.Memory (>= 4.5.5) - restriction: && (< net462) (< net6.0) (>= netstandard2.0)
    System.Security.Principal.Windows (5.0) - restriction: || (&& (>= monoandroid) (< netstandard1.3) (>= netstandard2.0)) (&& (< monoandroid) (>= netcoreapp2.0)) (&& (>= monotouch) (>= netstandard2.0)) (&& (< net45) (>= net461) (>= netstandard2.0)) (&& (< net45) (< netcoreapp2.0) (>= netstandard2.0)) (&& (>= net461) (>= netcoreapp2.0)) (>= net472) (&& (< net8.0) (>= netstandard2.0)) (>= netcoreapp2.1) (&& (>= netstandard2.0) (>= uap10.1)) (&& (>= netstandard2.0) (>= xamarintvos)) (&& (>= netstandard2.0) (>= xamarinwatchos)) (>= xamarinios) (>= xamarinmac)
      Microsoft.NETCore.Platforms (>= 5.0) - restriction: || (&& (>= netcoreapp2.0) (< netcoreapp2.1)) (&& (>= netcoreapp2.1) (< netcoreapp3.0))
    System.Text.Encoding.CodePages (8.0) - restriction: && (< net472) (< net8.0) (>= netstandard2.0)
      System.Memory (>= 4.5.5) - restriction: || (>= net462) (&& (< net6.0) (>= netstandard2.0))
      System.Runtime.CompilerServices.Unsafe (>= 6.0) - restriction: || (>= net462) (&& (>= net6.0) (< net7.0)) (&& (< net6.0) (>= netstandard2.0))
    System.Text.Encodings.Web (8.0) - restriction: || (&& (>= net462) (>= netstandard2.0)) (>= net472) (&& (< net5.0) (>= netstandard2.0))
      System.Buffers (>= 4.5.1) - restriction: || (>= net462) (&& (< net6.0) (>= netstandard2.0))
      System.Memory (>= 4.5.5) - restriction: || (>= net462) (&& (< net6.0) (>= netstandard2.0))
      System.Runtime.CompilerServices.Unsafe (>= 6.0) - restriction: || (>= net462) (&& (>= net6.0) (< net7.0)) (&& (< net6.0) (>= netstandard2.0))
    System.Text.Json (8.0.1) - restriction: || (>= net472) (&& (< net5.0) (>= netstandard2.0))
      Microsoft.Bcl.AsyncInterfaces (>= 8.0) - restriction: || (>= net462) (&& (< net6.0) (>= netstandard2.0))
      System.Buffers (>= 4.5.1) - restriction: || (>= net462) (&& (< net6.0) (>= netstandard2.0))
      System.Memory (>= 4.5.5) - restriction: || (>= net462) (&& (< net6.0) (>= netstandard2.0))
      System.Runtime.CompilerServices.Unsafe (>= 6.0) - restriction: || (>= net462) (&& (>= net6.0) (< net7.0)) (&& (< net6.0) (>= netstandard2.0))
      System.Text.Encodings.Web (>= 8.0) - restriction: || (>= net462) (>= netstandard2.0)
      System.Threading.Tasks.Extensions (>= 4.5.4) - restriction: || (>= net462) (&& (< net6.0) (>= netstandard2.0))
      System.ValueTuple (>= 4.5) - restriction: >= net462
    System.Threading.Tasks.Extensions (4.5.4) - restriction: || (&& (>= net462) (>= netstandard2.0)) (>= net472) (&& (< net5.0) (>= netstandard2.0)) (&& (>= netstandard2.0) (< netstandard2.1))
      System.Runtime.CompilerServices.Unsafe (>= 4.5.3) - restriction: || (&& (< monoandroid) (< monotouch) (< net45) (>= netstandard1.0) (< netstandard2.0) (< win8) (< wpa81) (< xamarintvos) (< xamarinwatchos)) (&& (< monoandroid) (< netstandard1.0) (>= portable-net45+win8+wp8+wpa81) (< win8)) (&& (>= net45) (< netstandard2.0)) (&& (< net45) (< netcoreapp2.1) (>= netstandard2.0) (< xamarinios) (< xamarinmac) (< xamarintvos) (< xamarinwatchos)) (>= net461) (&& (< netstandard1.0) (>= win8)) (&& (< netstandard2.0) (>= wpa81)) (>= wp8)
    System.ValueTuple (4.5) - restriction: || (>= net461) (>= netstandard2.0)
GITHUB
  remote: aspnet/AspNetCore
    src/Shared/Process/ProcessExtensions.cs (316fbbe9c42477b6c1d2088b5ef72f8ee3462186)